GEM
  remote: https://rubygems.org/
  specs:
    childprocess (4.0.0)
    percy-selenium (1.0.0.pre.0)
      selenium-webdriver (>= 4.0.0.beta1)
    rexml (3.2.5)
    rubyzip (2.3.0)
    selenium-webdriver (4.0.0.beta3)
      childprocess (>= 0.5, < 5.0)
      rexml (~> 3.2)
      rubyzip (>= 1.2.2)
      websocket (~> 1.0)
    websocket (1.2.9)

PLATFORMS
  ruby

DEPENDENCIES
  percy-selenium (~> 1.0.0.pre.0)
  selenium-webdriver (~> 4.0.0.beta3)

BUNDLED WITH
   1.17.2
